GIT
  remote: https://github.com/artamonovdev/ethereum.rb
  revision: 55291ea2366ce8df11997a7d06feaad6d48d7fa5
  specs:
    ethereum.rb (2.1.6)
      activesupport (~> 5.0)
      digest-sha3 (~> 1.1)

GEM
  remote: https://rubygems.org/
  specs:
    activesupport (5.1.4)
      concurrent-ruby (~> 1.0, >= 1.0.2)
      i18n (~> 0.7)
      minitest (~> 5.1)
      tzinfo (~> 1.1)
    concurrent-ruby (1.0.5)
    digest-sha3 (1.1.0)
    i18n (0.8.6)
    minitest (5.10.3)
    thread_safe (0.3.6)
    tzinfo (1.2.3)
      thread_safe (~> 0.1)

PLATFORMS
  ruby

DEPENDENCIES
  ethereum.rb!

BUNDLED WITH
   1.15.4
