GIT
  remote: https://github.com/artamonovdev/ethereum_old_dependencies
  revision: dd713e9d3dd27bd732cf6890066c6a9b75d4e879
  specs:
    ethereum.rb (2.1.6)
      activesupport (~> 4.0.12)
      digest-sha3 (~> 1.0)

GEM
  remote: https://rubygems.org/
  specs:
    activesupport (4.0.13)
      i18n (~> 0.6, >= 0.6.9)
      minitest (~> 4.2)
      multi_json (~> 1.3)
      thread_safe (~> 0.1)
      tzinfo (~> 0.3.37)
    digest-sha3 (1.1.0)
    i18n (0.8.6)
    minitest (4.7.5)
    multi_json (1.12.2)
    thread_safe (0.3.6)
    tzinfo (0.3.53)

PLATFORMS
  ruby

DEPENDENCIES
  ethereum.rb!

BUNDLED WITH
   1.15.4
